GEM
  remote: https://rubygems.org/
  specs:
    bourbon (4.2.6)
      sass (~> 3.4)
      thor (~> 0.19)
    ffi (1.9.10)
    neat (1.7.2)
      bourbon (>= 4.0)
      sass (>= 3.3)
    rb-fchange (0.0.6)
      ffi
    rb-fsevent (0.9.6)
    rb-inotify (0.9.5)
      ffi (>= 0.5.0)
    sass (3.4.19)
    sass-globbing (1.1.1)
      sass (>= 3.1)
    thor (0.19.1)

PLATFORMS
  ruby

DEPENDENCIES
  bourbon
  neat
  rb-fchange
  rb-fsevent
  rb-inotify (~> 0.9)
  sass
  sass-globbing

BUNDLED WITH
   1.10.6
